PATH
  remote: .
  specs:
    six_saferpay (2.3.1)
      activesupport (>= 5.0.0.0, < 7)

GEM
  remote: https://rubygems.org/
  specs:
    activesupport (5.2.4.3)
      concurrent-ruby (~> 1.0, >= 1.0.2)
      i18n (>= 0.7, < 2)
      minitest (~> 5.1)
      tzinfo (~> 1.1)
    addressable (2.7.0)
      public_suffix (>= 2.0.2, < 5.0)
    coderay (1.1.2)
    concurrent-ruby (1.1.6)
    crack (0.4.3)
      safe_yaml (~> 1.0.0)
    diff-lcs (1.3)
    docile (1.3.2)
    dotenv (2.7.5)
    equatable (0.6.1)
    ffi (1.12.2-java)
    hashdiff (1.0.1)
    i18n (1.8.2)
      concurrent-ruby (~> 1.0)
    method_source (0.9.2)
    minitest (5.14.1)
    necromancer (0.5.1)
    pastel (0.7.3)
      equatable (~> 0.6)
      tty-color (~> 0.5)
    pry (0.12.2)
      coderay (~> 1.1.0)
      method_source (~> 0.9.0)
    pry (0.12.2-java)
      coderay (~> 1.1.0)
      method_source (~> 0.9.0)
      spoon (~> 0.0)
    public_suffix (4.0.3)
    rake (13.0.1)
    rspec (3.9.0)
      rspec-core (~> 3.9.0)
      rspec-expectations (~> 3.9.0)
      rspec-mocks (~> 3.9.0)
    rspec-core (3.9.1)
      rspec-support (~> 3.9.1)
    rspec-expectations (3.9.0)
      diff-lcs (>= 1.2.0, < 2.0)
      rspec-support (~> 3.9.0)
    rspec-mocks (3.9.1)
      diff-lcs (>= 1.2.0, < 2.0)
      rspec-support (~> 3.9.0)
    rspec-support (3.9.2)
    safe_yaml (1.0.5)
    simplecov (0.18.5)
      docile (~> 1.1)
      simplecov-html (~> 0.11)
    simplecov-html (0.12.2)
    spinning_wheel (0.2.1)
      activesupport (~> 5.0, >= 5.0.0.0)
    spoon (0.0.6)
      ffi
    thread_safe (0.3.6)
    thread_safe (0.3.6-java)
    tty-color (0.5.1)
    tty-cursor (0.7.1)
    tty-prompt (0.20.0)
      necromancer (~> 0.5.0)
      pastel (~> 0.7.0)
      tty-reader (~> 0.7.0)
    tty-reader (0.7.0)
      tty-cursor (~> 0.7)
      tty-screen (~> 0.7)
      wisper (~> 2.0.0)
    tty-screen (0.7.1)
    tzinfo (1.2.7)
      thread_safe (~> 0.1)
    vcr (4.0.0)
    webmock (3.8.2)
      addressable (>= 2.3.6)
      crack (>= 0.3.2)
      hashdiff (>= 0.4.0, < 2.0.0)
    wisper (2.0.1)

PLATFORMS
  java
  ruby

DEPENDENCIES
  bundler (~> 2.0)
  dotenv (~> 2.7, >= 2.7)
  pry (~> 0.12.0)
  rake (~> 13.0)
  rspec (~> 3.0)
  simplecov (~> 0.16)
  six_saferpay!
  spinning_wheel (~> 0.1)
  tty-prompt (~> 0.18)
  vcr (~> 4.0, >= 4.0.0)
  webmock (~> 3.5, >= 3.5.1)

BUNDLED WITH
   2.0.1
